GEM
  remote: http://rubygems.org/
  specs:
    addressable (2.7.0)
      public_suffix (>= 2.0.2, < 5.0)
    coderay (1.1.0)
    commander (4.2.0)
      highline (~> 1.6.11)
    georuby (2.3.0)
    highline (1.6.21)
    json (1.7.7)
    method_source (0.8.2)
    mime-types (2.3)
    mini_portile2 (2.6.1)
    netrc (0.7.7)
    nokogiri (1.12.5)
      mini_portile2 (~> 2.6.1)
      racc (~> 1.4)
    pry (0.9.12.6)
      coderay (~> 1.0)
      method_source (~> 0.8)
      slop (~> 3.4)
    public_suffix (4.0.3)
    racc (1.5.2)
    rest-client (1.7.2)
      mime-types (>= 1.16, < 3.0)
      netrc (~> 0.7)
    slop (3.6.0)
    sqlite3 (1.3.9)

PLATFORMS
  ruby

DEPENDENCIES
  addressable
  commander
  georuby
  highline
  json (~> 1.7.5)
  nokogiri
  pry (~> 0.9.10)
  rest-client
  sqlite3 (~> 1.3.9)
